GEM
  remote: http://rubygems.org/
  specs:
    facter (1.7.2)
    hiera (1.2.1)
      json_pure
    json_pure (1.8.0)
    puppet (3.2.4)
      facter (~> 1.6)
      hiera (~> 1.0)
      rgen (~> 0.6.5)
    rgen (0.6.6)

PLATFORMS
  ruby

DEPENDENCIES
  puppet
